GEM
  remote: https://rubygems.org/
  specs:
    erubis (2.7.0)
    rack (2.0.7)
    roda (2.1.0)
      rack
    tilt (2.0.9)

PLATFORMS
  ruby

DEPENDENCIES
  erubis (~> 2.7.0)
  roda (~> 2.1.0)
  tilt (~> 2.0.1)

BUNDLED WITH
   1.17.3
